GEM
  remote: https://rubygems.org/
  specs:
    httmultiparty (0.3.10)
      httparty (>= 0.7.3)
      multipart-post
    httparty (0.11.0)
      multi_json (~> 1.0)
      multi_xml (>= 0.5.2)
    multi_json (1.8.0)
    multi_xml (0.5.5)
    multipart-post (1.2.0)
    terminal-table (1.4.5)

PLATFORMS
  ruby

DEPENDENCIES
  httmultiparty
  httparty
  terminal-table
